GEM
  remote: https://rubygems.org/
  specs:
    concurrent-ruby (1.1.8)
    httparty (0.18.1)
      mime-types (~> 3.0)
      multi_xml (>= 0.5.2)
    i18n (1.8.10)
      concurrent-ruby (~> 1.0)
    mime-types (3.3.1)
      mime-types-data (~> 3.2015)
    mime-types-data (3.2021.0225)
    money (6.16.0)
      i18n (>= 0.6.4, <= 2)
    multi_xml (0.6.0)
    paint (2.2.1)

PLATFORMS
  x86_64-darwin-19

DEPENDENCIES
  httparty
  money
  paint

BUNDLED WITH
   2.2.8
